GEM
  remote: https://rubygems.org/
  specs:
    aws-sdk (2.6.18)
      aws-sdk-resources (= 2.6.18)
    aws-sdk-core (2.6.18)
      jmespath (~> 1.0)
    aws-sdk-resources (2.6.18)
      aws-sdk-core (= 2.6.18)
    jmespath (1.3.1)
    json (1.8.3)
    trollop (2.1.2)

PLATFORMS
  ruby

DEPENDENCIES
  aws-sdk (~> 2.6.18)
  json (~> 1.8.1)
  trollop (~> 2.1.2)

BUNDLED WITH
   1.13.6
